GEM
  remote: http://rubygems.org/
  specs:
    arrayfields (4.7.4)
    chronic (0.6.7)
    fattr (2.2.1)
    main (5.0.1)
      arrayfields (>= 4.7.4)
      chronic (>= 0.6.2)
      fattr (>= 2.2.0)
      map (>= 5.1.0)
    map (5.5.0)
    rake (13.0.6)

PLATFORMS
  java
  ruby

DEPENDENCIES
  main
  rake (>= 12.3.3)

BUNDLED WITH
   2.1.4
